GEM
  remote: http://rubygems.org/
  specs:
    base64 (0.2.0)
    bigdecimal (3.1.8)
    csv (3.3.0)
    dalli (3.2.8)
    dboard (3.0.0)
      dalli
      httparty
      json
      net_http_timeout_errors
      rake
      sinatra
    httparty (0.22.0)
      csv
      mini_mime (>= 1.0.0)
      multi_xml (>= 0.5.2)
    json (2.7.2)
    mini_mime (1.1.5)
    multi_xml (0.7.1)
      bigdecimal (~> 3.1)
    mustermann (3.0.0)
      ruby2_keywords (~> 0.0.1)
    net_http_timeout_errors (1.1.0)
    rack (3.1.0)
    rack-protection (4.0.0)
      base64 (>= 0.1.0)
      rack (>= 3.0.0, < 4)
    rack-session (2.0.0)
      rack (>= 3.0.0)
    rack-ssl (1.4.1)
      rack
    rake (13.2.1)
    ruby2_keywords (0.0.5)
    sinatra (4.0.0)
      mustermann (~> 3.0)
      rack (>= 3.0.0, < 4)
      rack-protection (= 4.0.0)
      rack-session (>= 2.0.0, < 3)
      tilt (~> 2.0)
    tilt (2.3.0)

PLATFORMS
  ruby

DEPENDENCIES
  dboard
  rack-ssl

BUNDLED WITH
   2.3.11
